GIT
  remote: git://github.com/sinatra/sinatra.git
  revision: 64e0a2950323fc150ae6f8345947fdc55c32930e
  specs:
    sinatra (1.3.0)
      rack (~> 1.3)
      rack-protection (~> 1.1)
      tilt (~> 1.3)

GEM
  remote: http://rubygems.org/
  specs:
    addressable (2.2.6)
    daemons (1.1.4)
    data_objects (0.10.6)
      addressable (~> 2.1)
    dm-core (1.1.0)
      addressable (~> 2.2.4)
    dm-do-adapter (1.1.0)
      data_objects (~> 0.10.2)
      dm-core (~> 1.1.0)
    dm-migrations (1.1.0)
      dm-core (~> 1.1.0)
    dm-sqlite-adapter (1.1.0)
      dm-do-adapter (~> 1.1.0)
      do_sqlite3 (~> 0.10.2)
    do_sqlite3 (0.10.6)
      data_objects (= 0.10.6)
    eventmachine (0.12.10)
    less (2.0.6)
      therubyracer (~> 0.9.2)
    libv8 (3.3.10.2)
    rack (1.3.2)
    rack-protection (1.1.0)
      rack
    shotgun (0.9)
      rack (>= 1.0)
    slim (1.0.2)
      temple (~> 0.3.3)
      tilt (~> 1.3.2)
    sqlite3 (1.3.3)
    temple (0.3.4)
    therubyracer (0.9.4)
      libv8 (~> 3.3.10)
    thin (1.2.11)
      daemons (>= 1.0.9)
      eventmachine (>= 0.12.6)
      rack (>= 1.0.0)
    tilt (1.3.3)

PLATFORMS
  ruby

DEPENDENCIES
  dm-core
  dm-migrations
  dm-sqlite-adapter
  less
  shotgun
  sinatra!
  slim
  sqlite3
  thin
